GEM
  remote: https://rubygems.org/
  specs:
    excon (0.40.0)
    sequel (4.16.0)
    sqlite3 (1.3.10)

PLATFORMS
  ruby

DEPENDENCIES
  excon
  sequel
  sqlite3
